PATH
  remote: .
  specs:
    acts_as_graph (0.0.3)

GEM
  remote: https://rubygems.org/
  specs:
    byebug (10.0.2)
    diff-lcs (1.3)
    rspec (3.7.0)
      rspec-core (~> 3.7.0)
      rspec-expectations (~> 3.7.0)
      rspec-mocks (~> 3.7.0)
    rspec-core (3.7.1)
      rspec-support (~> 3.7.0)
    rspec-expectations (3.7.0)
      diff-lcs (>= 1.2.0, < 2.0)
      rspec-support (~> 3.7.0)
    rspec-mocks (3.7.0)
      diff-lcs (>= 1.2.0, < 2.0)
      rspec-support (~> 3.7.0)
    rspec-support (3.7.1)

PLATFORMS
  ruby

DEPENDENCIES
  acts_as_graph!
  byebug
  rspec

BUNDLED WITH
   1.17.2
